GIT
  remote: git://github.com/planningalerts-scrapers/atdisplanningalertsfeed.git
  revision: 7acbbe22df7105a0d50ae33500fcc6b03e1343d0
  specs:
    atdisplanningalertsfeed (0.0.1)
      atdis
      scraperwiki-morph

GEM
  remote: https://rubygems.org/
  specs:
    activemodel (5.1.1)
      activesupport (= 5.1.1)
    activesupport (5.1.1)
      concurrent-ruby (~> 1.0, >= 1.0.2)
      i18n (~> 0.7)
      minitest (~> 5.1)
      tzinfo (~> 1.1)
    atdis (0.3.13)
      activemodel
      multi_json (~> 1.7)
      rest-client
      rgeo-geojson
    concurrent-ruby (1.0.5)
    domain_name (0.5.20170404)
      unf (>= 0.0.5, < 1.0.0)
    http-cookie (1.0.3)
      domain_name (~> 0.5)
    httpclient (2.8.3)
    i18n (0.8.4)
    mime-types (3.1)
      mime-types-data (~> 3.2015)
    mime-types-data (3.2016.0521)
    minitest (5.10.2)
    multi_json (1.12.1)
    netrc (0.11.0)
    rest-client (2.0.2)
      http-cookie (>= 1.0.2, < 2.0)
      mime-types (>= 1.16, < 4.0)
      netrc (~> 0.8)
    rgeo (0.6.0)
    rgeo-geojson (0.4.3)
      rgeo (~> 0.5)
    scraperwiki (3.0.2)
      httpclient
      sqlite_magic
    scraperwiki-morph (0.1.1)
      scraperwiki
    sqlite3 (1.3.13)
    sqlite_magic (0.0.6)
      sqlite3
    thread_safe (0.3.6)
    tzinfo (1.2.3)
      thread_safe (~> 0.1)
    unf (0.1.4)
      unf_ext
    unf_ext (0.0.7.4)

PLATFORMS
  ruby

DEPENDENCIES
  atdisplanningalertsfeed!

BUNDLED WITH
   1.15.0
